GEM
  remote: http://rubygems.org/
  specs:
    bruce-banner (0.1.1)
    json (1.8.0)
    nokogiri (1.5.9)
    rainbow (1.1.4)
    rubytree (0.8.3)
      json (>= 1.7.5)
      structured_warnings (>= 0.1.3)
    structured_warnings (0.1.4)

PLATFORMS
  ruby

DEPENDENCIES
  bruce-banner
  nokogiri
  rainbow
  rubytree
