GEM
  remote: http://rubygems.org/
  specs:
    app_config (0.7.1)
    nokogiri (1.5.0)
    rainbow (1.1.1)
    rubytree (0.8.1)

PLATFORMS
  ruby

DEPENDENCIES
  app_config
  nokogiri
  rainbow
  rubytree
